PATH
  remote: .
  specs:
    hystrix_metrics_sinatra (0.0.1-java)

GEM
  remote: https://rubygems.org/
  specs:
    minitest (5.11.3)
    mustermann (1.0.3)
    rack (2.0.5)
    rack-protection (2.0.4)
      rack
    rake (12.3.1)
    sinatra (2.0.4)
      mustermann (~> 1.0)
      rack (~> 2.0)
      rack-protection (= 2.0.4)
      tilt (~> 2.0)
    tilt (2.0.8)

PLATFORMS
  java

DEPENDENCIES
  hystrix_metrics_sinatra!
  minitest (= 5.11.3)
  rake (= 12.3.1)
  sinatra (= 2.0.4)

BUNDLED WITH
   1.17.1
